GEM
  remote: https://rubygems.org/
  specs:
    activesupport (3.2.13)
      i18n (= 0.6.1)
      multi_json (~> 1.0)
    faraday (0.8.7)
      multipart-post (~> 1.1)
    i18n (0.6.1)
    multi_json (1.7.6)
    multipart-post (1.2.0)
    nokogiri (1.5.9)
    rake (10.0.4)
    simple_oauth (0.2.0)
    twitter (4.8.0)
      faraday (~> 0.8, < 0.10)
      multi_json (~> 1.0)
      simple_oauth (~> 0.2)
    weather_jp (1.0.4)
      nokogiri (~> 1.5.5)
      rake (>= 0.9.2)

PLATFORMS
  ruby

DEPENDENCIES
  activesupport
  twitter
  weather_jp
